GIT
  remote: http://github.com/onkis/abbot.git
  revision: c28a09218c7ceb88df275bba71867e3d88cc0b12
  ref: c28a09218c7ceb88df275bba71867e3d88cc0b12
  specs:
    sproutcore (1.7.0)
      chunky_png (~> 1.2.0)
      compass (~> 0.11.3)
      em-http-request (~> 1.0.0.beta)
      erubis (~> 2.6)
      extlib (~> 0.9.15)
      haml (~> 3.1.2)
      json_pure (~> 1.4.6)
      rack (~> 1.2)
      sass (~> 3.1.3)
      thin (~> 1.2.11)
      thor (~> 0.14.3)

GEM
  remote: http://rubygems.org/
  specs:
    addressable (2.3.5)
    chunky_png (1.2.9)
    compass (0.11.7)
      chunky_png (~> 1.2)
      fssm (>= 0.2.7)
      sass (~> 3.1)
    cookiejar (0.3.0)
    daemons (1.1.9)
    em-http-request (1.0.3)
      addressable (>= 2.2.3)
      cookiejar
      em-socksify
      eventmachine (>= 1.0.0.beta.4)
      http_parser.rb (>= 0.5.3)
    em-socksify (0.3.0)
      eventmachine (>= 1.0.0.beta.4)
    erubis (2.7.0)
    eventmachine (1.0.3)
    extlib (0.9.16)
    fssm (0.2.10)
    haml (3.1.8)
    http_parser.rb (0.5.3)
    json_pure (1.4.6)
    rack (1.5.2)
    sass (3.1.21)
    thin (1.2.11)
      daemons (>= 1.0.9)
      eventmachine (>= 0.12.6)
      rack (>= 1.0.0)
    thor (0.14.6)

PLATFORMS
  ruby

DEPENDENCIES
  sproutcore!
